PATH
  remote: .
  specs:
    kharon (1.1.0)
      bson (~> 2.2, >= 2.2.2)

GEM
  remote: https://rubygems.org/
  specs:
    bson (2.3.0)
    coderay (1.1.0)
    diff-lcs (1.2.5)
    method_source (0.8.2)
    pry (0.10.3)
      coderay (~> 1.1.0)
      method_source (~> 0.8.1)
      slop (~> 3.4)
    rack (1.6.1)
    rack-test (0.6.2)
      rack (>= 1.0)
    rake (10.4.2)
    redcarpet (3.3.1)
    rspec (3.1.0)
      rspec-core (~> 3.1.0)
      rspec-expectations (~> 3.1.0)
      rspec-mocks (~> 3.1.0)
    rspec-core (3.1.7)
      rspec-support (~> 3.1.0)
    rspec-expectations (3.1.2)
      diff-lcs (>= 1.2.0, < 2.0)
      rspec-support (~> 3.1.0)
    rspec-mocks (3.1.3)
      rspec-support (~> 3.1.0)
    rspec-support (3.1.2)
    slop (3.6.0)
    yard (0.8.7.6)

PLATFORMS
  ruby

DEPENDENCIES
  bundler (~> 1.8)
  kharon!
  pry
  rack-test (~> 0.6.2)
  rake (~> 10.0)
  redcarpet (= 3.3.1)
  rspec (~> 3.0, >= 3.0.0)
  yard (~> 0.8)

BUNDLED WITH
   1.12.3
