PATH
  remote: .
  specs:
    kharon (0.5.1)
      bson (>= 2.2.2)

GEM
  remote: https://rubygems.org/
  specs:
    bson (2.2.2)
    diff-lcs (1.2.5)
    rack (1.6.1)
    rack-test (0.6.2)
      rack (>= 1.0)
    rake (10.4.2)
    redcarpet (3.3.1)
    rspec (3.0.0.beta2)
      rspec-core (= 3.0.0.beta2)
      rspec-expectations (= 3.0.0.beta2)
      rspec-mocks (= 3.0.0.beta2)
    rspec-core (3.0.0.beta2)
      rspec-support (= 3.0.0.beta2)
    rspec-expectations (3.0.0.beta2)
      diff-lcs (>= 1.2.0, < 2.0)
      rspec-support (= 3.0.0.beta2)
    rspec-mocks (3.0.0.beta2)
      rspec-support (= 3.0.0.beta2)
    rspec-support (3.0.0.beta2)
    yard (0.8.7.6)

PLATFORMS
  ruby

DEPENDENCIES
  bson (= 2.2.2)
  bundler (~> 1.8)
  kharon!
  rack-test (= 0.6.2)
  rake (~> 10.0)
  redcarpet (= 3.3.1)
  rspec (= 3.0.0.beta2)
  yard (>= 0.8)
